GIT
  remote: https://github.com/rkh/rack-protection
  revision: 0c0f79f86db2600425121c6498b3626c2d5b6817
  specs:
    rack-protection (1.5.1)
      rack

GIT
  remote: https://github.com/sinatra/sinatra-contrib
  revision: 7f1c651f32e831196b03e8273824f876c6f1e1f5
  specs:
    sinatra-contrib (1.4.1)
      backports (>= 2.0)
      multi_json
      rack-protection
      rack-test
      sinatra (~> 1.4.0)
      tilt (~> 1.3)

GEM
  remote: https://rubygems.org/
  specs:
    activesupport (4.0.1)
      i18n (~> 0.6, >= 0.6.4)
      minitest (~> 4.2)
      multi_json (~> 1.3)
      thread_safe (~> 0.1)
      tzinfo (~> 0.3.37)
    addressable (2.3.5)
    albino (1.3.3)
      posix-spawn (>= 0.3.6)
    atomic (1.1.14)
    backports (3.3.5)
    bcrypt-ruby (3.1.2)
    capybara (2.1.0)
      mime-types (>= 1.16)
      nokogiri (>= 1.3.3)
      rack (>= 1.0.0)
      rack-test (>= 0.5.4)
      xpath (~> 2.0)
    capybara-webkit (1.0.0)
      capybara (~> 2.0, >= 2.0.2)
      json
    chartkick (1.2.0)
    daemons (1.1.9)
    data_objects (0.10.13)
      addressable (~> 2.1)
    diff-lcs (1.2.5)
    dm-constraints (1.2.0)
      dm-core (~> 1.2.0)
    dm-core (1.2.1)
      addressable (~> 2.3)
    dm-do-adapter (1.2.0)
      data_objects (~> 0.10.6)
      dm-core (~> 1.2.0)
    dm-migrations (1.2.0)
      dm-core (~> 1.2.0)
    dm-mysql-adapter (1.2.0)
      dm-do-adapter (~> 1.2.0)
      do_mysql (~> 0.10.6)
    dm-serializer (1.2.2)
      dm-core (~> 1.2.0)
      fastercsv (~> 1.5)
      json (~> 1.6)
      json_pure (~> 1.6)
      multi_json (~> 1.0)
    dm-types (1.2.2)
      bcrypt-ruby (~> 3.0)
      dm-core (~> 1.2.0)
      fastercsv (~> 1.5)
      json (~> 1.6)
      multi_json (~> 1.0)
      stringex (~> 1.4)
      uuidtools (~> 2.1)
    dm-validations (1.2.0)
      dm-core (~> 1.2.0)
    do_mysql (0.10.13)
      data_objects (= 0.10.13)
    eventmachine (1.0.3)
    faraday (0.8.8)
      multipart-post (~> 1.2.0)
    fastercsv (1.5.5)
    gravatarify (3.1.0)
    hashie (2.0.5)
    httpauth (0.2.0)
    i18n (0.6.5)
    json (1.8.1)
    json_pure (1.8.1)
    jwt (0.1.8)
      multi_json (>= 1.5)
    launchy (2.3.0)
      addressable (~> 2.3)
    macaddr (1.6.1)
      systemu (~> 2.5.0)
    mail (2.2.7)
      activesupport (>= 2.3.6)
      mime-types
      treetop (>= 1.4.5)
    mime-types (2.0)
    mini_portile (0.5.2)
    minitest (4.7.5)
    multi_json (1.8.2)
    multipart-post (1.2.0)
    mysql (2.9.1)
    nokogiri (1.6.0)
      mini_portile (~> 0.5.0)
    oauth2 (0.8.1)
      faraday (~> 0.8)
      httpauth (~> 0.1)
      jwt (~> 0.1.4)
      multi_json (~> 1.0)
      rack (~> 1.2)
    omniauth (1.1.4)
      hashie (>= 1.2, < 3)
      rack
    omniauth-facebook (1.4.1)
      omniauth-oauth2 (~> 1.1.0)
    omniauth-github (1.1.1)
      omniauth (~> 1.0)
      omniauth-oauth2 (~> 1.1)
    omniauth-google-oauth2 (0.2.1)
      omniauth (~> 1.0)
      omniauth-oauth2
    omniauth-oauth2 (1.1.1)
      oauth2 (~> 0.8.0)
      omniauth (~> 1.0)
    pagehub-markdown (0.1.3)
      albino (>= 1.3.3)
      json (>= 1.7.0)
      nokogiri (>= 1.5.5)
      redcarpet (>= 2.1.1)
    pdfkit (0.5.4)
    polyglot (0.3.3)
    pony (1.5.1)
      mail (>= 2.0)
    posix-spawn (0.3.6)
    rabl (0.9.0)
      activesupport (>= 2.3.14)
    rack (1.5.2)
    rack-test (0.6.2)
      rack (>= 1.0)
    rake (10.1.0)
    redcarpet (3.0.0)
    rspec (2.14.1)
      rspec-core (~> 2.14.0)
      rspec-expectations (~> 2.14.0)
      rspec-mocks (~> 2.14.0)
    rspec-core (2.14.7)
    rspec-expectations (2.14.4)
      diff-lcs (>= 1.1.3, < 2.0)
    rspec-mocks (2.14.4)
    sinatra (1.4.0)
      rack (~> 1.5, >= 1.5.2)
      rack-protection (~> 1.4)
      tilt (~> 1.3, >= 1.3.4)
    sinatra-api (1.1.7)
      activesupport
      json
      sinatra
    sinatra-flash (0.3.0)
      sinatra (>= 1.0.0)
    stringex (1.5.1)
    systemu (2.5.2)
    thin (1.6.1)
      daemons (>= 1.0.9)
      eventmachine (>= 1.0.0)
      rack (>= 1.0.0)
    thread_safe (0.1.3)
      atomic
    tilt (1.4.1)
    treetop (1.4.15)
      polyglot
      polyglot (>= 0.3.1)
    tzinfo (0.3.38)
    uuid (2.3.7)
      macaddr (~> 1.0)
    uuidtools (2.1.4)
    wkhtmltopdf-binary (0.9.9.1)
    xpath (2.0.0)
      nokogiri (~> 1.3)
    yajl-ruby (1.1.0)

PLATFORMS
  ruby

DEPENDENCIES
  activesupport (>= 4.0.0)
  addressable
  capybara (>= 2.0.2)
  capybara-webkit
  chartkick
  dm-constraints (>= 1.2.0)
  dm-core (>= 1.2.0)
  dm-migrations (>= 1.2.0)
  dm-mysql-adapter (>= 1.2.0)
  dm-serializer (>= 1.2.0)
  dm-types (>= 1.2.0)
  dm-validations (>= 1.2.0)
  gravatarify (>= 3.1.0)
  json
  launchy
  multi_json
  mysql
  omniauth
  omniauth-facebook
  omniauth-github
  omniauth-google-oauth2
  pagehub-markdown (>= 0.1.3)
  pdfkit
  pony
  rabl
  rack-protection!
  rake
  rspec
  rspec-core
  sinatra (= 1.4.0)
  sinatra-api (>= 1.1.7)
  sinatra-contrib!
  sinatra-flash
  thin
  uuid
  wkhtmltopdf-binary
  yajl-ruby
